GEM
  remote: https://rubygems.org/
  specs:
    awesome_print (1.8.0)

PLATFORMS
  java

DEPENDENCIES
  awesome_print (~> 1.8)

BUNDLED WITH
   2.0.1
